GEM
  remote: http://rubygems.org/
  specs:
    activemodel (3.0.9)
      activesupport (= 3.0.9)
      builder (~> 2.1.2)
      i18n (~> 0.5.0)
    activerecord (3.0.9)
      activemodel (= 3.0.9)
      activesupport (= 3.0.9)
      arel (~> 2.0.10)
      tzinfo (~> 0.3.23)
    activesupport (3.0.9)
    arel (2.0.10)
    builder (2.1.2)
    geokit (1.6.0)
    i18n (0.5.0)
    json (1.5.3)
    mail (2.2.15)
      activesupport (>= 2.3.6)
      i18n (>= 0.4.0)
      mime-types (~> 1.16)
      treetop (~> 1.4.8)
    mime-types (1.16)
    polyglot (0.3.1)
    pony (1.3)
      mail (> 2.0)
    rack (1.3.0)
    sinatra (1.2.6)
      rack (~> 1.1)
      tilt (>= 1.2.2, < 2.0)
    sinatra-activerecord (0.1.3)
      sinatra (>= 0.9.4)
    sqlite3 (1.3.3)
    tilt (1.3.2)
    treetop (1.4.9)
      polyglot (>= 0.3.1)
    tzinfo (0.3.24)

PLATFORMS
  ruby

DEPENDENCIES
  activerecord (~> 3.0)
  geokit (~> 1.6)
  json (~> 1.5)
  pony (~> 1.3)
  sinatra (~> 1.2.6)
  sinatra-activerecord (~> 0.1)
  sqlite3 (~> 1.3)
